PATH
  remote: .
  specs:
    endlist (0.0.1)
      typhoeus (~> 0.5.0.alpha)

GEM
  remote: https://rubygems.org/
  specs:
    diff-lcs (1.1.3)
    ethon (0.3.0)
      ffi (~> 1.0.11)
      mime-types (~> 1.18)
    ffi (1.0.11)
    json (1.7.5)
    mime-types (1.19)
    rake (0.9.2.2)
    rdoc (3.12)
      json (~> 1.4)
    rspec (2.11.0)
      rspec-core (~> 2.11.0)
      rspec-expectations (~> 2.11.0)
      rspec-mocks (~> 2.11.0)
    rspec-core (2.11.1)
    rspec-expectations (2.11.2)
      diff-lcs (~> 1.1.3)
    rspec-mocks (2.11.2)
    typhoeus (0.5.0.pre)
      ethon (~> 0.3.0)

PLATFORMS
  ruby

DEPENDENCIES
  bundler (~> 1.0)
  endlist!
  rake (~> 0.9)
  rdoc (~> 3.9)
  rspec (~> 2.3)
